PATH
  remote: .
  specs:
    yaml-translator (0.1.0)
      easy_translate

GEM
  remote: https://rubygems.org/
  specs:
    diff-lcs (1.3)
    docile (1.1.5)
    easy_translate (0.5.0)
      json
      thread
      thread_safe
    json (2.0.3)
    rake (10.5.0)
    rspec (3.5.0)
      rspec-core (~> 3.5.0)
      rspec-expectations (~> 3.5.0)
      rspec-mocks (~> 3.5.0)
    rspec-core (3.5.4)
      rspec-support (~> 3.5.0)
    rspec-expectations (3.5.0)
      diff-lcs (>= 1.2.0, < 2.0)
      rspec-support (~> 3.5.0)
    rspec-mocks (3.5.0)
      diff-lcs (>= 1.2.0, < 2.0)
      rspec-support (~> 3.5.0)
    rspec-support (3.5.0)
    simplecov (0.13.0)
      docile (~> 1.1.0)
      json (>= 1.8, < 3)
      simplecov-html (~> 0.10.0)
    simplecov-html (0.10.0)
    thread (0.2.2)
    thread_safe (0.3.5)

PLATFORMS
  ruby

DEPENDENCIES
  bundler (~> 1.0)
  rake (~> 10.0)
  rspec
  simplecov
  yaml-translator!

BUNDLED WITH
   1.14.1
